PATH
  remote: .
  specs:
    invasion_cutter (0.1.0)
      rtesseract (~> 3.1.3)

GEM
  remote: https://rubygems.org/
  specs:
    coderay (1.1.3)
    method_source (1.1.0)
    minitest (5.24.1)
    pry (0.14.2)
      coderay (~> 1.1)
      method_source (~> 1.0)
    rake (13.2.1)
    rtesseract (3.1.3)

PLATFORMS
  x86_64-darwin-23

DEPENDENCIES
  bundler (~> 2.0)
  invasion_cutter!
  minitest (~> 5.16)
  pry (~> 0.14)
  rake (~> 13.0)

BUNDLED WITH
   2.4.19
